GEM
  remote: https://rubygems.org/
  specs:
    chunky_png (1.2.7)
    coffee-script (2.2.0)
      coffee-script-source
      execjs
    coffee-script-source (1.2.0)
    compass (0.13.alpha.2)
      chunky_png (~> 1.2)
      listen (~> 0.5.3)
      sass (~> 3.2.0.alpha.93)
    execjs (1.3.0)
      multi_json (~> 1.0)
    listen (0.5.3)
    multi_json (1.1.0)
    sass (3.2.0.alpha.294)

PLATFORMS
  ruby

DEPENDENCIES
  coffee-script
  compass
